PATH
  remote: .
  specs:
    paranoia (1.1.0)
      activerecord (>= 3.0.0)

GEM
  remote: http://rubygems.org/
  specs:
    activemodel (3.0.8)
      activesupport (= 3.0.8)
      builder (~> 2.1.2)
      i18n (~> 0.5.0)
    activerecord (3.0.8)
      activemodel (= 3.0.8)
      activesupport (= 3.0.8)
      arel (~> 2.0.10)
      tzinfo (~> 0.3.23)
    activesupport (3.0.8)
    arel (2.0.10)
    builder (2.1.2)
    i18n (0.5.0)
    rake (0.8.7)
    sqlite3 (1.3.3)
    tzinfo (0.3.28)

PLATFORMS
  ruby

DEPENDENCIES
  bundler (>= 1.0.0)
  paranoia!
  rake (= 0.8.7)
  sqlite3
